GEM
  remote: http://rubygems.org/
  specs:
    activesupport (2.3.5)
    crack (0.1.6)
    fakeweb (1.2.8)
    gemcutter (0.6.1)
    git (1.2.5)
    hashie (0.1.8)
    httparty (0.5.2)
      crack (= 0.1.6)
    jeweler (1.4.0)
      gemcutter (>= 0.1.0)
      git (>= 1.2.5)
      rubyforge (>= 2.0.0)
    json (1.4.6)
    json_pure (1.4.6)
    rake (0.8.7)
    rspec (1.3.0)
    rubyforge (2.0.3)
      json_pure (>= 1.1.7)

PLATFORMS
  ruby

DEPENDENCIES
  activesupport (~> 2.3.5)
  bundler (~> 1.0.0)
  fakeweb (>= 1.2.8)
  hashie (~> 0.1.8)
  httparty (~> 0.5.2)
  jeweler
  json
  rake
  rspec (>= 1.3.0)
